GEM
  remote: https://rubygems.org/
  specs:
    byebug (11.1.3)
    minitest (5.14.4)
    ruby2d (0.10.0)

PLATFORMS
  x86_64-linux

DEPENDENCIES
  byebug
  minitest (~> 5.14, >= 5.14.4)
  ruby2d (~> 0.10.0)

BUNDLED WITH
   2.2.26
